GEM
  remote: http://rubygems.org/
  specs:
    addressable (2.4.0)
    colorator (1.1.0)
    ffi (1.9.18)
    forwardable-extended (2.6.0)
    httmultiparty (0.3.16)
      httparty (>= 0.7.3)
      mimemagic
      multipart-post
    httparty (0.13.7)
      json (~> 1.8)
      multi_xml (>= 0.5.2)
    jekyll (3.5.0)
      addressable (~> 2.4)
      colorator (~> 1.0)
      jekyll-sass-converter (~> 1.0)
      jekyll-watch (~> 1.1)
      kramdown (~> 1.3)
      liquid (~> 4.0)
      mercenary (~> 0.3.3)
      pathutil (~> 0.9)
      rouge (~> 1.7)
      safe_yaml (~> 1.0)
    jekyll-sass-converter (1.5.0)
      sass (~> 3.4)
    jekyll-sitemap (0.11.0)
      addressable (~> 2.4.0)
    jekyll-watch (1.5.0)
      listen (~> 3.0, < 3.1)
    json (1.8.6)
    kramdown (1.13.2)
    liquid (4.0.0)
    listen (3.0.8)
      rb-fsevent (~> 0.9, >= 0.9.4)
      rb-inotify (~> 0.9, >= 0.9.7)
    mercenary (0.3.6)
    mimemagic (0.3.1)
    multi_xml (0.5.5)
    multipart-post (2.0.0)
    pathutil (0.14.0)
      forwardable-extended (~> 2.6)
    psych (2.0.8)
    rack (1.6.4)
    rb-fsevent (0.9.8)
    rb-inotify (0.9.10)
      ffi (>= 0.5.0, < 2)
    rouge (1.11.1)
    safe_yaml (1.0.4)
    sass (3.4.24)
    siteleaf (2.0.0.pre.beta9)
      httmultiparty (>= 0.3.13)
      httparty (>= 0.13.3)
      psych (= 2.0.8)
      rack

PLATFORMS
  ruby

DEPENDENCIES
  jekyll
  jekyll-sitemap
  siteleaf (= 2.0.0.pre.beta9)

BUNDLED WITH
   1.15.1
